PATH
  remote: ./vendors/pademo-tester
  specs:
    pademo-tester (0.0.1)
      padrino

PATH
  remote: ./vendors/pademo-sinapi
  specs:
    pademo-sinapi (0.0.1)
      sinatra

PATH
  remote: ./vendors/pademo-pipeline
  specs:
    pademo-pipeline (0.0.1)
      padrino
      sass

PATH
  remote: ./vendors/pademo-hello
  specs:
    pademo-hello (0.0.1)
      padrino

PATH
  remote: ./vendors/pademo-grunt
  specs:
    pademo-grunt (0.0.1)
      padrino

PATH
  remote: ./vendors/pademo-foo
  specs:
    pademo-foo (0.0.1)
      padrino-core

PATH
  remote: ./vendors/pademo-base
  specs:
    pademo-base (0.0.1)
      padrino
      padrino-sprockets
      padrino-warden
      rake
      slim

PATH
  remote: ./vendors/pademo-bar
  specs:
    pademo-bar (0.0.1)
      padrino-core

GEM
  remote: https://rubygems.org/
  specs:
    activesupport (4.1.5)
      i18n (~> 0.6, >= 0.6.9)
      json (~> 1.7, >= 1.7.7)
      minitest (~> 5.1)
      thread_safe (~> 0.1)
      tzinfo (~> 1.1)
    coderay (1.1.0)
    hike (1.2.3)
    http_router (0.11.1)
      rack (>= 1.0.0)
      url_mount (~> 0.2.1)
    i18n (0.6.11)
    json (1.8.1)
    mail (2.5.4)
      mime-types (~> 1.16)
      treetop (~> 1.4.8)
    method_source (0.8.2)
    mime-types (1.25.1)
    minitest (5.4.0)
    moneta (0.7.20)
    multi_json (1.10.1)
    padrino (0.12.3)
      padrino-admin (= 0.12.3)
      padrino-cache (= 0.12.3)
      padrino-core (= 0.12.3)
      padrino-gen (= 0.12.3)
      padrino-helpers (= 0.12.3)
      padrino-mailer (= 0.12.3)
      padrino-support (= 0.12.3)
    padrino-admin (0.12.3)
      padrino-core (= 0.12.3)
      padrino-helpers (= 0.12.3)
    padrino-cache (0.12.3)
      moneta (~> 0.7.0)
      padrino-core (= 0.12.3)
      padrino-helpers (= 0.12.3)
    padrino-core (0.12.3)
      activesupport (>= 3.1)
      http_router (~> 0.11.0)
      padrino-support (= 0.12.3)
      rack-protection (>= 1.5.0)
      sinatra (~> 1.4.2)
      thor (~> 0.18)
    padrino-gen (0.12.3)
      bundler (~> 1.0)
      padrino-core (= 0.12.3)
    padrino-helpers (0.12.3)
      i18n (~> 0.6, >= 0.6.7)
      padrino-support (= 0.12.3)
      tilt (~> 1.4.1)
    padrino-mailer (0.12.3)
      mail (~> 2.5.3)
      padrino-core (= 0.12.3)
    padrino-sprockets (0.0.3)
      sprockets
    padrino-support (0.12.3)
      activesupport (>= 3.1)
    padrino-warden (0.1.0)
      warden (>= 0.10.3)
    polyglot (0.3.5)
    pry (0.10.1)
      coderay (~> 1.1.0)
      method_source (~> 0.8.1)
      slop (~> 3.4)
    rack (1.5.2)
    rack-protection (1.5.3)
      rack
    rake (10.3.2)
    sass (3.4.1)
    sinatra (1.4.5)
      rack (~> 1.4)
      rack-protection (~> 1.4)
      tilt (~> 1.3, >= 1.3.4)
    slim (2.0.3)
      temple (~> 0.6.6)
      tilt (>= 1.3.3, < 2.1)
    slop (3.6.0)
    sprockets (2.12.1)
      hike (~> 1.2)
      multi_json (~> 1.0)
      rack (~> 1.0)
      tilt (~> 1.1, != 1.3.0)
    temple (0.6.8)
    thor (0.19.1)
    thread_safe (0.3.4)
    tilt (1.4.1)
    treetop (1.4.15)
      polyglot
      polyglot (>= 0.3.1)
    tzinfo (1.2.2)
      thread_safe (~> 0.1)
    url_mount (0.2.1)
      rack
    warden (1.2.3)
      rack (>= 1.0)

PLATFORMS
  ruby

DEPENDENCIES
  pademo-bar!
  pademo-base!
  pademo-foo!
  pademo-grunt!
  pademo-hello!
  pademo-pipeline!
  pademo-sinapi!
  pademo-tester!
  padrino (= 0.12.3)
  pry
